GIT
  remote: https://github.com/nsidc/search-solr-tools
  revision: 5d18e2e26ec5b48ead4300f33b3e815f203b96fd
  ref: srch-137
  specs:
    search_solr_tools (6.3.0)
      ffi-geos (~> 2.4.0)
      iso8601 (~> 0.13.0)
      multi_json (~> 1.15.0)
      nokogiri (~> 1.15.3)
      rest-client (~> 2.1.0)
      rgeo (~> 3.0.0)
      rgeo-geojson (~> 2.1.1)
      rsolr (~> 2.5.0)
      thor (~> 1.2.2)

GEM
  remote: https://rubygems.org/
  specs:
    builder (3.2.4)
    bump (0.10.0)
    cucumber-gherkin (26.2.0)
      cucumber-messages (>= 19.1.4, < 22.1)
    cucumber-messages (22.0.0)
    cuke_modeler (3.19.0)
      cucumber-gherkin (< 27.0)
    diff-lcs (1.5.0)
    domain_name (0.5.20190701)
      unf (>= 0.0.5, < 1.0.0)
    faraday (2.7.10)
      faraday-net_http (>= 2.0, < 3.1)
      ruby2_keywords (>= 0.0.4)
    faraday-net_http (3.0.2)
    ffi (1.15.5)
    ffi-geos (2.4.0)
      ffi (>= 1.0.0)
    http-accept (1.7.0)
    http-cookie (1.0.5)
      domain_name (~> 0.5)
    iso8601 (0.13.0)
    json (2.6.3)
    mime-types (3.5.0)
      mime-types-data (~> 3.2015)
    mime-types-data (3.2023.0808)
    multi_json (1.15.0)
    netrc (0.11.0)
    nokogiri (1.15.3-x86_64-linux)
      racc (~> 1.4)
    racc (1.7.1)
    rake (13.0.6)
    rest-client (2.1.0)
      http-accept (>= 1.7.0, < 2.0)
      http-cookie (>= 1.0.2, < 2.0)
      mime-types (>= 1.16, < 4.0)
      netrc (~> 0.8)
    rgeo (3.0.0)
    rgeo-geojson (2.1.1)
      rgeo (>= 1.0.0)
    rsolr (2.5.0)
      builder (>= 2.1.2)
      faraday (>= 0.9, < 3, != 2.0.0)
    rspec (3.12.0)
      rspec-core (~> 3.12.0)
      rspec-expectations (~> 3.12.0)
      rspec-mocks (~> 3.12.0)
    rspec-core (3.12.2)
      rspec-support (~> 3.12.0)
    rspec-expectations (3.12.3)
      diff-lcs (>= 1.2.0, < 2.0)
      rspec-support (~> 3.12.0)
    rspec-mocks (3.12.6)
      diff-lcs (>= 1.2.0, < 2.0)
      rspec-support (~> 3.12.0)
    rspec-support (3.12.1)
    ruby2_keywords (0.0.5)
    thor (1.2.2)
    turnip (4.4.0)
      cuke_modeler (~> 3.15)
      rspec (>= 3.0, < 4.0)
    unf (0.1.4)
      unf_ext
    unf_ext (0.0.8.2)
    yarjuf (2.0.0)
      builder
      rspec (~> 3)

PLATFORMS
  x86_64-linux

DEPENDENCIES
  bump (~> 0.10.0)
  json (~> 2.6.3)
  nokogiri (~> 1.15.3)
  rake (~> 13.0.6)
  rest-client (~> 2.1.0)
  rspec (~> 3.12.0)
  search_solr_tools!
  turnip (~> 4.4.0)
  yarjuf (~> 2.0.0)

RUBY VERSION
   ruby 3.2.2p53

BUNDLED WITH
   2.4.17
