GEM
  remote: http://rubygems.org/
  specs:
    activesupport (6.0.3.2)
      concurrent-ruby (~> 1.0, >= 1.0.2)
      i18n (>= 0.7, < 2)
      minitest (~> 5.1)
      tzinfo (~> 1.1)
      zeitwerk (~> 2.2, >= 2.2.2)
    builder (3.2.4)
    bump (0.9.0)
    concurrent-ruby (1.1.6)
    cucumber-gherkin (10.0.0)
      cucumber-messages (~> 10.0, >= 10.0.1)
    cucumber-messages (10.0.3)
      protobuf-cucumber (~> 3.10, >= 3.10.8)
    diff-lcs (1.4.4)
    domain_name (0.5.20190701)
      unf (>= 0.0.5, < 1.0.0)
    faraday (2.5.2)
      faraday-net_http (>= 2.0, < 3.1)
      ruby2_keywords (>= 0.0.4)
    faraday-net_http (3.0.0)
    ffi (1.15.5)
    ffi-geos (2.1.0)
      ffi (>= 1.0.0)
    http-accept (1.7.0)
    http-cookie (1.0.3)
      domain_name (~> 0.5)
    i18n (1.8.4)
      concurrent-ruby (~> 1.0)
    iso8601 (0.12.3)
    json (2.3.1)
    middleware (0.1.0)
    mime-types (3.3.1)
      mime-types-data (~> 3.2015)
    mime-types-data (3.2020.0512)
    mini_portile2 (2.4.0)
    minitest (5.14.1)
    multi_json (1.14.1)
    netrc (0.11.0)
    nokogiri (1.10.10)
      mini_portile2 (~> 2.4.0)
    protobuf-cucumber (3.10.8)
      activesupport (>= 3.2)
      middleware
      thor
      thread_safe
    rake (13.0.1)
    rest-client (2.1.0)
      http-accept (>= 1.7.0, < 2.0)
      http-cookie (>= 1.0.2, < 2.0)
      mime-types (>= 1.16, < 4.0)
      netrc (~> 0.8)
    rgeo (2.1.1)
    rgeo-geojson (2.1.1)
      rgeo (>= 1.0.0)
    rsolr (2.3.0)
      builder (>= 2.1.2)
      faraday (>= 0.9.0)
    rspec (3.9.0)
      rspec-core (~> 3.9.0)
      rspec-expectations (~> 3.9.0)
      rspec-mocks (~> 3.9.0)
    rspec-core (3.9.2)
      rspec-support (~> 3.9.3)
    rspec-expectations (3.9.2)
      diff-lcs (>= 1.2.0, < 2.0)
      rspec-support (~> 3.9.0)
    rspec-mocks (3.9.1)
      diff-lcs (>= 1.2.0, < 2.0)
      rspec-support (~> 3.9.0)
    rspec-support (3.9.3)
    ruby2_keywords (0.0.5)
    search_solr_tools (5.2.0)
      ffi-geos (~> 2.1.0)
      iso8601 (~> 0.12.2)
      multi_json (~> 1.14.1)
      nokogiri (~> 1.10.9)
      rest-client (~> 2.1.0)
      rgeo (~> 2.1.1)
      rgeo-geojson (~> 2.1.1)
      rsolr (~> 2.3.0)
      thor (~> 1.0.1)
    thor (1.0.1)
    thread_safe (0.3.6)
    turnip (4.1.0)
      cucumber-gherkin (~> 10.0)
      rspec (>= 3.0, < 4.0)
    tzinfo (1.2.7)
      thread_safe (~> 0.1)
    unf (0.1.4)
      unf_ext
    unf_ext (0.0.7.7)
    yarjuf (2.0.0)
      builder
      rspec (~> 3)
    zeitwerk (2.4.0)

PLATFORMS
  ruby

DEPENDENCIES
  bump
  json (~> 2.3.0)
  nokogiri (~> 1.10.9)
  rake
  rest-client (~> 2.1.0)
  rspec
  search_solr_tools (~> 5.2.0)
  turnip
  yarjuf

RUBY VERSION
   ruby 2.6.5p114

BUNDLED WITH
   2.1.4
