GEM
  remote: http://rubygems.org/
  specs:
    builder (3.2.3)
    bump (0.8.0)
    c21e (1.1.9)
    cucumber-messages (2.1.2)
      google-protobuf (>= 3.2, <= 3.7)
    diff-lcs (1.3)
    domain_name (0.5.20180417)
      unf (>= 0.0.5, < 1.0.0)
    ffi (1.11.1)
    ffi-geos (1.2.2)
      ffi (>= 1.0.0)
    gherkin (6.0.17)
      c21e (~> 1.1.9)
      cucumber-messages (~> 2.1.2)
    google-protobuf (3.7.0)
    http-cookie (1.0.3)
      domain_name (~> 0.5)
    iso8601 (0.12.1)
    json (2.1.0)
    mime-types (3.2.2)
      mime-types-data (~> 3.2015)
    mime-types-data (3.2019.0331)
    mini_portile2 (2.4.0)
    multi_json (1.13.1)
    netrc (0.11.0)
    nokogiri (1.10.3)
      mini_portile2 (~> 2.4.0)
    rake (12.3.2)
    require_all (1.5.0)
    rest-client (2.0.2)
      http-cookie (>= 1.0.2, < 2.0)
      mime-types (>= 1.16, < 4.0)
      netrc (~> 0.8)
    rgeo (0.6.0)
    rgeo-geojson (0.4.3)
      rgeo (~> 0.5)
    rsolr (1.1.2)
      builder (>= 2.1.2)
    rspec (3.8.0)
      rspec-core (~> 3.8.0)
      rspec-expectations (~> 3.8.0)
      rspec-mocks (~> 3.8.0)
    rspec-core (3.8.1)
      rspec-support (~> 3.8.0)
    rspec-expectations (3.8.4)
      diff-lcs (>= 1.2.0, < 2.0)
      rspec-support (~> 3.8.0)
    rspec-mocks (3.8.1)
      diff-lcs (>= 1.2.0, < 2.0)
      rspec-support (~> 3.8.0)
    rspec-support (3.8.2)
    search_solr_tools (3.11.0)
      ffi-geos (~> 1.2.0)
      iso8601 (~> 0.8)
      multi_json (~> 1.11)
      nokogiri (~> 1.10.3)
      require_all (~> 1.3)
      rest-client (~> 2.0.2)
      rgeo (~> 0.3)
      rgeo-geojson (~> 0.3)
      rsolr (~> 1.0)
      thor (~> 0.18)
    thor (0.20.3)
    turnip (4.0.1)
      gherkin (~> 6.0.17)
      rspec (>= 3.0, < 4.0)
    unf (0.1.4)
      unf_ext
    unf_ext (0.0.7.6)
    yarjuf (2.0.0)
      builder
      rspec (~> 3)

PLATFORMS
  ruby

DEPENDENCIES
  bump
  json (~> 2.1.0)
  nokogiri (~> 1.10.3)
  rake
  rest-client (~> 2.0.2)
  rspec
  search_solr_tools (~> 3.11.0)
  turnip
  yarjuf

BUNDLED WITH
   2.0.1
